STORAGE: NONE

GROUP Game
RESTRICTION: == netcoreapp3.1
NUGET
  remote: https://api.nuget.org/v3/index.json
    Autofac (5.2)
    MonoGame.Content.Builder.Task (3.8.0.1641)
    MonoGame.Framework.DesktopGL (3.8.0.1641)
    Newtonsoft.Json (12.0.3)
  remote: https://www.myget.org/F/lithiumtoast/api/v3/index.json
    MonoGame.Extended (3.9.0-alpha0002)
      Newtonsoft.Json (>= 12.0.3)
    MonoGame.Extended.Content.Pipeline (3.9.0-alpha0002)
      Autofac (>= 5.2)
      MonoGame.Extended (>= 3.9.0-alpha0002)
      MonoGame.Extended.Tiled (>= 3.9.0-alpha0002)
      Newtonsoft.Json (>= 12.0.3)
    MonoGame.Extended.Graphics (3.9.0-alpha0002)
      MonoGame.Extended (>= 3.9.0-alpha0002)
    MonoGame.Extended.Tiled (3.9.0-alpha0002)
      MonoGame.Extended (>= 3.9.0-alpha0002)
      MonoGame.Extended.Graphics (>= 3.9.0-alpha0002)
